GEM
  remote: http://rubygems.org/
  specs:
    gosu (0.13.3)
    gosu (0.13.3-x64-mingw32)
    mini_portile2 (2.3.0)
    minitest (5.11.3)
    nokogiri (1.8.4)
      mini_portile2 (~> 2.3.0)
    nokogiri (1.8.4-x64-mingw32)
      mini_portile2 (~> 2.3.0)
    rake (12.3.1)
    thread_safe (0.3.6)
    tzinfo (1.2.5)
      thread_safe (~> 0.1)

PLATFORMS
  ruby
  x64-mingw32

DEPENDENCIES
  gosu
  minitest
  nokogiri
  rake
  tzinfo

BUNDLED WITH
   1.16.2
